GEM
  remote: https://rubygems.org/
  specs:
    diffy (3.4.0)
    hashdiff (1.0.1)
    httparty (0.18.1)
      mime-types (~> 3.0)
      multi_xml (>= 0.5.2)
    mime-types (3.3.1)
      mime-types-data (~> 3.2015)
    mime-types-data (3.2020.1104)
    multi_xml (0.6.0)
    octocatalog-diff (1.6.0)
      diffy (>= 3.1.0)
      hashdiff (>= 0.3.0)
      httparty (>= 0.11.0)
      parallel (>= 1.12.0)
      rugged (>= 0.25.0b2)
    parallel (1.20.1)
    rugged (1.1.0)

PLATFORMS
  ruby

DEPENDENCIES
  octocatalog-diff (= 1.6.0)

BUNDLED WITH
   1.17.3
